GEM
  remote: http://ruby.taobao.org/
  specs:
    activesupport (3.2.9)
      i18n (~> 0.6)
      multi_json (~> 1.0)
    cocaine (0.4.2)
    i18n (0.6.1)
    multi_json (1.3.7)
    mustache (0.99.4)

PLATFORMS
  ruby

DEPENDENCIES
  activesupport
  cocaine
  mustache
